GEM
  remote: http://rubygems.org/
  specs:
    activemodel (3.2.8)
      activesupport (= 3.2.8)
      builder (~> 3.0.0)
    activesupport (3.2.8)
      i18n (~> 0.6)
      multi_json (~> 1.0)
    backports (2.6.4)
    builder (3.0.4)
    carrierwave (0.7.0)
      activemodel (>= 3.2.0)
      activesupport (>= 3.2.0)
    carrierwave-mongoid (0.1.0)
      carrierwave
      mongoid
    database_cleaner (0.9.1)
    diff-lcs (1.1.3)
    grape (0.2.2)
      activesupport
      hashie (~> 1.2)
      multi_json (>= 1.3.2)
      multi_xml
      rack
      rack-accept
      rack-mount
      virtus
    hashie (1.2.0)
    i18n (0.6.1)
    mongoid (3.0.10)
      activemodel (~> 3.1)
      moped (~> 1.1)
      origin (~> 1.0)
      tzinfo (~> 0.3.22)
    moped (1.2.7)
    multi_json (1.3.6)
    multi_xml (0.5.1)
    origin (1.0.9)
    rack (1.4.1)
    rack-accept (0.4.5)
      rack (>= 0.4)
    rack-mount (0.8.3)
      rack (>= 1.0.0)
    rack-test (0.6.2)
      rack (>= 1.0)
    rspec (2.11.0)
      rspec-core (~> 2.11.0)
      rspec-expectations (~> 2.11.0)
      rspec-mocks (~> 2.11.0)
    rspec-core (2.11.1)
    rspec-expectations (2.11.3)
      diff-lcs (~> 1.1.3)
    rspec-mocks (2.11.3)
    tzinfo (0.3.34)
    virtus (0.5.2)
      backports (~> 2.6.1)

PLATFORMS
  ruby

DEPENDENCIES
  carrierwave-mongoid
  database_cleaner
  grape
  mongoid
  rack-test
  rspec
